{
  "InstitutionAddress": "Ammerlaender Heerstr. 114-118, 26129 Oldenburg, Germany",
  "InstitutionName": "University of Oldenburg",
  "InstitutionalDepartmentName": "Department of Psychology",
  "PowerLineFrequency": 50,
  "ManufacturersModelName": "SmartingAmp",
  "TaskName": "NeuralTrackingToGo",
  "EEGChannelCount": 24,
  "EEGReference": "common",
  "RecordingType": "continuous",
  "RecordingDuration": 2445,
  "SamplingFrequency": 250,
  "EOGChannelCount": 0,
  "ECGChannelCount": 0,
  "EMGChannelCount": 0,
  "SoftwareFilters": "n/a"
}